GEM
  remote: https://rubygems.org/
  specs:
    ast (2.4.1)
    c_lexer (2.6.4.1.1)
      ast (~> 2.4.0)
      parser (= 2.6.4.1)
    erb (2.2.0)
    opal (1.0.3)
      ast (>= 2.3.0)
      parser (~> 2.6)
    parser (2.6.4.1)
      ast (~> 2.4.0)

PLATFORMS
  ruby

DEPENDENCIES
  c_lexer (= 2.6.4.1.1)
  erb (= 2.2.0)
  opal (= 1.0.3)
  parser (= 2.6.4.1)

RUBY VERSION
   ruby 2.6.3p62

BUNDLED WITH
   1.17.2
