GEM
  remote: https://rubygems.org/
  specs:
    concurrent-ruby (1.1.7)
    hike (1.2.3)
    opal (0.9.4)
      hike (~> 1.2)
      sourcemap (~> 0.1.0)
      sprockets (~> 3.1)
      tilt (>= 1.4)
    rack (2.2.6.4)
    sourcemap (0.1.1)
    sprockets (3.7.2)
      concurrent-ruby (~> 1.0)
      rack (> 1, < 3)
    tilt (2.0.10)

PLATFORMS
  ruby

DEPENDENCIES
  opal (= 0.9.4)

BUNDLED WITH
   2.1.4
