GIT
  remote: https://github.com/opal/opal
  revision: 84d804efe5c4a5452fe46f4dab07a523f13b7a82
  ref: 84d804efe5c4a5452fe46f4dab07a523f13b7a82
  specs:
    opal (0.9.0.rc1)
      hike (~> 1.2)
      sourcemap (~> 0.1.0)
      sprockets (~> 3.1)
      tilt (>= 1.4)

GEM
  remote: https://rubygems.org/
  specs:
    concurrent-ruby (1.0.0)
    hike (1.2.3)
    rack (1.6.4)
    sourcemap (0.1.1)
    sprockets (3.5.2)
      concurrent-ruby (~> 1.0)
      rack (> 1, < 3)
    tilt (2.0.1)

PLATFORMS
  ruby

DEPENDENCIES
  opal!

BUNDLED WITH
   1.10.6
